GEM
  remote: http://rubygems.org/
  specs:
    cane (1.3.0)
    diff-lcs (1.1.3)
    jdbc-mysql (5.1.13)
    jdbc-postgres (9.1.901)
    multi_json (1.3.5)
    mysql2 (0.3.11)
    pg (0.13.2)
    rake (0.9.2.2)
    rspec (2.10.0)
      rspec-core (~> 2.10.0)
      rspec-expectations (~> 2.10.0)
      rspec-mocks (~> 2.10.0)
    rspec-core (2.10.0)
    rspec-expectations (2.10.0)
      diff-lcs (~> 1.1.3)
    rspec-mocks (2.10.1)
    sequel (3.35.0)
    simplecov (0.6.4)
      multi_json (~> 1.0)
      simplecov-html (~> 0.5.3)
    simplecov-html (0.5.3)

PLATFORMS
  java
  ruby

DEPENDENCIES
  cane
  jdbc-mysql
  jdbc-postgres
  mysql2
  pg
  rake
  rspec
  sequel
  simplecov
